GEM
  remote: https://rubygems.org/
  specs:
    ffi (1.15.5)
    listen (3.7.1)
      rb-fsevent (~> 0.10, >= 0.10.3)
      rb-inotify (~> 0.9, >= 0.9.10)
    nio4r (2.5.8)
    puma (5.6.4)
      nio4r (~> 2.0)
    rb-fsevent (0.11.1)
    rb-inotify (0.10.1)
      ffi (~> 1.0)
    rerun (0.13.1)
      listen (~> 3.0)

PLATFORMS
  ruby

DEPENDENCIES
  puma
  rerun

RUBY VERSION
   ruby 3.1.2p20

BUNDLED WITH
   2.3.11
