GEM
  remote: https://rubygems.org/
  specs:

PLATFORMS
  aarch64-linux-musl

DEPENDENCIES

RUBY VERSION
   ruby 3.1.2p20

BUNDLED WITH
   2.3.11
